PATH
  remote: .
  specs:
    kangaroo (0.0.1)
      activerecord (>= 3.0.0)
      activesupport (>= 3.0.0)
      rapuncel

GEM
  remote: http://rubygems.org/
  specs:
    activemodel (3.0.3)
      activesupport (= 3.0.3)
      builder (~> 2.1.2)
      i18n (~> 0.4)
    activerecord (3.0.3)
      activemodel (= 3.0.3)
      activesupport (= 3.0.3)
      arel (~> 2.0.2)
      tzinfo (~> 0.3.23)
    activesupport (3.0.3)
    arel (2.0.7)
    builder (2.1.2)
    diff-lcs (1.1.2)
    i18n (0.4.2)
    nokogiri (1.4.4)
    rapuncel (0.0.2)
      activesupport (>= 3.0.0)
      nokogiri
    rspec (2.4.0)
      rspec-core (~> 2.4.0)
      rspec-expectations (~> 2.4.0)
      rspec-mocks (~> 2.4.0)
    rspec-core (2.4.0)
    rspec-expectations (2.4.0)
      diff-lcs (~> 1.1.2)
    rspec-mocks (2.4.0)
    tzinfo (0.3.24)

PLATFORMS
  ruby

DEPENDENCIES
  activemodel (>= 3.0.0)
  activesupport (>= 3.0.0)
  kangaroo!
  rapuncel
  rspec
