PATH
  remote: .
  specs:
    kangaroo (0.0.3)
      activerecord (>= 3.0.0)
      activesupport (>= 3.0.0)
      hirb
      rapuncel (~> 0.0.3)

GEM
  remote: http://rubygems.org/
  specs:
    activemodel (3.0.7)
      activesupport (= 3.0.7)
      builder (~> 2.1.2)
      i18n (~> 0.5.0)
    activerecord (3.0.7)
      activemodel (= 3.0.7)
      activesupport (= 3.0.7)
      arel (~> 2.0.2)
      tzinfo (~> 0.3.23)
    activesupport (3.0.7)
    arel (2.0.9)
    builder (2.1.2)
    columnize (0.3.2)
    cucumber (0.10.2)
      builder (>= 2.1.2)
      diff-lcs (>= 1.1.2)
      gherkin (>= 2.3.5)
      json (>= 1.4.6)
      term-ansicolor (>= 1.0.5)
    diff-lcs (1.1.2)
    gherkin (2.3.5)
      json (>= 1.4.6)
    hirb (0.4.5)
    i18n (0.5.0)
    json (1.5.1)
    linecache (0.43)
    nokogiri (1.4.4)
    rapuncel (0.0.3)
      activesupport (>= 3.0.0)
      nokogiri
    rspec (2.5.0)
      rspec-core (~> 2.5.0)
      rspec-expectations (~> 2.5.0)
      rspec-mocks (~> 2.5.0)
    rspec-core (2.5.1)
    rspec-expectations (2.5.0)
      diff-lcs (~> 1.1.2)
    rspec-mocks (2.5.0)
    ruby-debug (0.10.4)
      columnize (>= 0.1)
      ruby-debug-base (~> 0.10.4.0)
    ruby-debug-base (0.10.4)
      linecache (>= 0.3)
    term-ansicolor (1.0.5)
    tzinfo (0.3.27)
    yard (0.6.8)

PLATFORMS
  ruby

DEPENDENCIES
  bundler
  cucumber
  kangaroo!
  rspec
  ruby-debug
  yard
